GEM
  remote: https://rubygems.org/
  specs:
    activesupport (6.1.7.10)
      concurrent-ruby (~> 1.0, >= 1.0.2)
      i18n (>= 1.6, < 2)
      minitest (>= 5.1)
      tzinfo (~> 2.0)
      zeitwerk (~> 2.3)
    bigdecimal (3.3.1)
    concurrent-ruby (1.3.5)
    dotenv (3.1.8)
    google-protobuf (4.32.1-arm64-darwin)
      bigdecimal
      rake (>= 13)
    googleapis-common-protos-types (1.22.0)
      google-protobuf (~> 4.26)
    grpc (1.75.0-arm64-darwin)
      google-protobuf (>= 3.25, < 5.0)
      googleapis-common-protos-types (~> 1.0)
    grpc-tools (1.75.0)
    i18n (1.14.7)
      concurrent-ruby (~> 1.0)
    minitest (5.26.0)
    pg (1.6.2-arm64-darwin)
    rake (13.3.0)
    tzinfo (2.0.6)
      concurrent-ruby (~> 1.0)
    zeitwerk (2.7.3)

PLATFORMS
  arm64-darwin-22

DEPENDENCIES
  activesupport (~> 6.1.7.8)
  dotenv
  grpc
  grpc-tools
  pg

BUNDLED WITH
   2.4.6
